PATH
  remote: .
  specs:
    pony (1.8)
      mail (>= 2.0)

GEM
  remote: http://rubygems.org/
  specs:
    diff-lcs (1.2.5)
    mail (2.6.1)
      mime-types (>= 1.16, < 3)
    mime-types (2.3)
    rspec (2.14.1)
      rspec-core (~> 2.14.0)
      rspec-expectations (~> 2.14.0)
      rspec-mocks (~> 2.14.0)
    rspec-core (2.14.7)
    rspec-expectations (2.14.4)
      diff-lcs (>= 1.1.3, < 2.0)
    rspec-mocks (2.14.4)

PLATFORMS
  ruby

DEPENDENCIES
  pony!
  rspec (>= 2.14)
